PATH
  remote: .
  specs:
    selective_validation (0.0.1)
      activemodel
      shoulda-context

GEM
  remote: https://rubygems.org/
  specs:
    activemodel (3.2.7)
      activesupport (= 3.2.7)
      builder (~> 3.0.0)
    activesupport (3.2.7)
      i18n (~> 0.6)
      multi_json (~> 1.0)
    builder (3.0.0)
    i18n (0.6.0)
    multi_json (1.3.6)
    shoulda-context (1.0.0)

PLATFORMS
  ruby

DEPENDENCIES
  selective_validation!
